GEM
  remote: https://rubygems.org/
  specs:
    puma (2.11.2)
      rack (>= 1.1, < 2.0)
    rack (1.6.1)

PLATFORMS
  ruby

DEPENDENCIES
  puma
  rack

BUNDLED WITH
   1.10.1
